GEM
  remote: https://rubygems.org/
  specs:
    backports (3.6.8)
    foreman (0.82.0)
      thor (~> 0.19.1)
    json (1.8.3)
    minitest (5.9.0)
    minitest-rg (5.2.0)
      minitest (~> 5.0)
    multi_json (1.12.1)
    rack (1.6.4)
    rack-protection (1.5.3)
      rack
    rack-test (0.6.3)
      rack (>= 1.0)
    rake (11.2.2)
    requests (1.0.0)
    sinatra (1.4.7)
      rack (~> 1.5)
      rack-protection (~> 1.4)
      tilt (>= 1.3, < 3)
    sinatra-contrib (1.4.7)
      backports (>= 2.0)
      multi_json
      rack-protection
      rack-test
      sinatra (~> 1.4.0)
      tilt (>= 1.3, < 3)
    thor (0.19.1)
    tilt (2.0.5)

PLATFORMS
  ruby

DEPENDENCIES
  foreman
  json
  minitest
  minitest-rg
  rack-test
  rake
  requests
  sinatra
  sinatra-contrib

BUNDLED WITH
   1.12.4
